GEM
  remote: https://rubygems.org/
  specs:
    bcrypt (3.1.13)
    json (2.3.1)
    multi_json (1.15.0)
    mustermann (2.0.2)
      ruby2_keywords (~> 0.0.1)
    rack (2.2.4)
    rack-protection (2.2.3)
      rack
    redis (4.2.1)
    ruby2_keywords (0.0.5)
    rubysl-securerandom (2.0.0)
    sinatra (2.2.3)
      mustermann (~> 2.0)
      rack (~> 2.2)
      rack-protection (= 2.2.3)
      tilt (~> 2.0)
    sinatra-contrib (2.2.3)
      multi_json
      mustermann (~> 2.0)
      rack-protection (= 2.2.3)
      sinatra (= 2.2.3)
      tilt (~> 2.0)
    sqlite3 (1.4.2)
    tilt (2.0.11)

PLATFORMS
  x64-mingw32
  x86_64-linux

DEPENDENCIES
  bcrypt
  json
  redis
  rubysl-securerandom
  sinatra
  sinatra-contrib
  sqlite3

BUNDLED WITH
   2.1.4
